GIT
  remote: https://github.com/segfault/webby
  revision: 60bf37dbec7c229a18304db4d6ceb7c33c0a6564
  specs:
    webby (0.9.5.0)
      directory_watcher (>= 1.1.2)
      hpricot (>= 0.6.0)
      launchy (>= 0.3.2)
      logging (>= 0.9.7)
      loquacious (>= 1.3.0)
      rake (>= 0.8.7)

GEM
  remote: https://rubygems.org/
  specs:
    addressable (2.3.2)
    directory_watcher (1.4.1)
    haml (3.1.7)
    hpricot (0.8.6)
    launchy (2.1.2)
      addressable (~> 2.3)
    little-plugger (1.1.3)
    logging (1.8.0)
      little-plugger (>= 1.1.3)
      multi_json (>= 1.3.6)
    loquacious (1.9.1)
    multi_json (1.3.6)
    rake (0.9.2.2)

PLATFORMS
  ruby

DEPENDENCIES
  haml
  webby!
